PATH
  remote: .
  specs:
    yaml2rss (0.1.0)

GEM
  remote: https://rubygems.org/
  specs:
    ast (2.4.0)
    debase (0.2.2)
      debase-ruby_core_source (>= 0.10.2)
    debase-ruby_core_source (0.10.3)
    jaro_winkler (1.5.1)
    minitest (5.8.5)
    parallel (1.12.1)
    parser (2.5.1.2)
      ast (~> 2.4.0)
    powerpack (0.1.2)
    rainbow (3.0.0)
    rake (10.5.0)
    rubocop (0.59.1)
      jaro_winkler (~> 1.5.1)
      parallel (~> 1.10)
      parser (>= 2.5, != 2.5.1.1)
      powerpack (~> 0.1)
      rainbow (>= 2.2.2, < 4.0)
      ruby-progressbar (~> 1.7)
      unicode-display_width (~> 1.0, >= 1.0.1)
    ruby-debug-ide (0.6.1)
      rake (>= 0.8.1)
    ruby-progressbar (1.10.0)
    unicode-display_width (1.4.0)

PLATFORMS
  ruby

DEPENDENCIES
  bundler (~> 1.16)
  debase (~> 0.2.2)
  minitest (~> 5.8.4)
  rake (~> 10.0)
  rubocop (~> 0.59.1)
  ruby-debug-ide (~> 0.6.0)
  yaml2rss!

BUNDLED WITH
   1.16.4
